PATH
  remote: .
  specs:
    gibberish (1.0.0)

GEM
  remote: http://rubygems.org/
  specs:
    mini_shoulda (0.2.0)
      minitest (~> 2.0.2)
    minitest (2.0.2)

PLATFORMS
  ruby

DEPENDENCIES
  gibberish!
  mini_shoulda
  minitest
